GEM
  remote: http://rubygems.org/
  specs:
    docile (1.1.0)
    minitest (5.0.8)
    multi_json (1.8.2)
    rake (12.3.3)
    simplecov (0.8.2)
      docile (~> 1.1.0)
      multi_json
      simplecov-html (~> 0.8.0)
    simplecov-html (0.8.0)

PLATFORMS
  ruby

DEPENDENCIES
  minitest
  rake
  simplecov
